GEM
  remote: https://rubygems.org/
  specs:
    backports (3.6.0)
    coderay (1.1.0)
    dotenv (0.10.0)
    ethon (0.7.0)
      ffi (>= 1.3.0)
    ffi (1.9.3)
    foreman (0.63.0)
      dotenv (>= 0.7)
      thor (>= 0.13.6)
    haml (4.0.5)
      tilt
    memoist (0.9.1)
    method_source (0.8.2)
    mini_portile (0.5.3)
    multi_json (1.9.2)
    nokogiri (1.6.1)
      mini_portile (~> 0.5.0)
    pg (0.17.1)
    pry (0.9.12.6)
      coderay (~> 1.0)
      method_source (~> 0.8)
      slop (~> 3.4)
    puma (2.8.2)
      rack (>= 1.1, < 2.0)
    rack (1.5.2)
    rack-protection (1.5.3)
      rack
    rack-test (0.6.2)
      rack (>= 1.0)
    sanitize (2.1.0)
      nokogiri (>= 1.4.4)
    sequel (4.9.0)
    sinatra (1.4.5)
      rack (~> 1.4)
      rack-protection (~> 1.4)
      tilt (~> 1.3, >= 1.3.4)
    sinatra-contrib (1.4.2)
      backports (>= 2.0)
      multi_json
      rack-protection
      rack-test
      sinatra (~> 1.4.0)
      tilt (~> 1.3)
    sinatra-cross_origin (0.3.2)
    slop (3.5.0)
    sqlite3 (1.3.9)
    thor (0.19.1)
    tilt (1.4.1)
    typhoeus (0.6.8)
      ethon (>= 0.7.0)
    unified_diff (0.3.4)

PLATFORMS
  ruby

DEPENDENCIES
  foreman
  haml
  memoist
  nokogiri
  pg
  pry
  puma
  sanitize
  sequel
  sinatra
  sinatra-contrib
  sinatra-cross_origin
  sqlite3
  typhoeus
  unified_diff
